GEM
  remote: http://rubygems.org/
  specs:
    actionmailer (2.3.11)
      actionpack (= 2.3.11)
    actionpack (2.3.11)
      activesupport (= 2.3.11)
      rack (~> 1.1.0)
    activerecord (2.3.11)
      activesupport (= 2.3.11)
    activeresource (2.3.11)
      activesupport (= 2.3.11)
    activesupport (2.3.11)
    annotate (2.4.0)
    authlogic (2.1.6)
      activesupport
    columnize (0.3.2)
    compass (0.10.6)
      haml (>= 3.0.4)
    configuration (1.2.0)
    daemons (1.0.10)
    declarative_authorization (0.5.2)
    delayed_job (2.0.7)
      activesupport (~> 2.0)
      daemons (= 1.0.10)
    faker (0.9.5)
      i18n (~> 0.4)
    haml (3.0.25)
    haml_scaffold (1.1.0)
      haml (>= 2.0.6)
      mocha (>= 0.9.0)
      will_paginate (>= 2.2.2)
    heroku (1.17.15)
      json (~> 1.4.6)
      launchy (~> 0.3.2)
      rest-client (>= 1.4.0, < 1.7.0)
    heroku_san (1.0.8)
      heroku
    i18n (0.5.0)
    json (1.4.6)
    launchy (0.3.7)
      configuration (>= 0.0.5)
      rake (>= 0.8.1)
    linecache (0.43)
    mime-types (1.16)
    mocha (0.9.12)
    paper_trail (1.6.5)
      actionpack (~> 2.3)
      activerecord (~> 2.3)
    paperclip (2.3.8)
      activerecord
      activesupport
    rack (1.1.0)
    rails (2.3.11)
      actionmailer (= 2.3.11)
      actionpack (= 2.3.11)
      activerecord (= 2.3.11)
      activeresource (= 2.3.11)
      activesupport (= 2.3.11)
      rake (>= 0.8.3)
    rake (0.8.7)
    rcov (0.9.9)
    rest-client (1.6.1)
      mime-types (>= 1.16)
    ruby-debug (0.10.4)
      columnize (>= 0.1)
      ruby-debug-base (~> 0.10.4.0)
    ruby-debug-base (0.10.4)
      linecache (>= 0.3)
    sqlite3 (1.3.3)
    will_paginate (2.3.15)

PLATFORMS
  ruby

DEPENDENCIES
  annotate
  authlogic
  compass (>= 0.10.6)
  declarative_authorization
  delayed_job (~> 2.0.4)
  faker
  haml
  haml_scaffold
  heroku
  heroku_san
  mocha
  paper_trail (~> 1)
  paperclip (~> 2.3)
  rails (= 2.3.11)
  rcov
  ruby-debug
  sqlite3
  will_paginate (~> 2.3.11)
